GEM
  remote: http://rubygems.org/
  specs:
    chunky_png (1.2.5)
    compass (0.11.5)
      chunky_png (~> 1.2)
      fssm (>= 0.2.7)
      sass (~> 3.1)
    ffi (1.0.9)
    fssm (0.2.7)
    grid-coordinates (1.1.4)
      compass (>= 0.10.5)
    haml (3.1.1)
    meyer-reset (2.0.0)
      compass (>= 0.10.5)
    rack (1.3.0)
    rb-inotify (0.8.8)
      ffi (>= 0.5.0)
    sass (3.1.7)
    shotgun (0.9)
      rack (>= 1.0)
    sinatra (1.2.6)
      rack (~> 1.1)
      tilt (< 2.0, >= 1.2.2)
    tilt (1.3.2)

PLATFORMS
  ruby

DEPENDENCIES
  compass (~> 0.11.5)
  grid-coordinates (~> 1.1.4)
  haml (~> 3.1.1)
  meyer-reset
  rb-inotify
  sass (~> 3.1.1)
  shotgun (~> 0.9)
  sinatra (~> 1.2.3)
