GEM
  remote: http://rubygems.org/
  specs:
    addressable (2.2.6)
    chunky_png (1.2.5)
    compass (0.11.5)
      chunky_png (~> 1.2)
      fssm (>= 0.2.7)
      sass (~> 3.1)
    daemons (1.1.8)
    data_objects (0.10.7)
      addressable (~> 2.1)
    dm-core (1.2.0)
      addressable (~> 2.2.6)
    dm-do-adapter (1.2.0)
      data_objects (~> 0.10.6)
      dm-core (~> 1.2.0)
    dm-postgres-adapter (1.2.0)
      dm-do-adapter (~> 1.2.0)
      do_postgres (~> 0.10.6)
    do_postgres (0.10.7)
      data_objects (= 0.10.7)
    eventmachine (0.12.10)
    ffi (1.0.9)
    fssm (0.2.7)
    grid-coordinates (1.1.4)
      compass (>= 0.10.5)
    haml (3.1.1)
    highline (1.6.2)
    i18n (0.6.0)
    mail (2.3.0)
      i18n (>= 0.4.0)
      mime-types (~> 1.16)
      treetop (~> 1.4.8)
    meyer-reset (2.0.0)
      compass (>= 0.10.5)
    mime-types (1.16)
    pg (0.10.0)
    polyglot (0.3.2)
    pony (1.3)
      mail (> 2.0)
    rack (1.3.0)
    railsless-deploy (1.0.2)
    rb-inotify (0.8.8)
      ffi (>= 0.5.0)
    sass (3.1.7)
    shotgun (0.9)
      rack (>= 1.0)
    sinatra (1.2.6)
      rack (~> 1.1)
      tilt (>= 1.2.2, < 2.0)
    thin (1.2.7)
      daemons (>= 1.0.9)
      eventmachine (>= 0.12.6)
      rack (>= 1.0.0)
    tilt (1.3.2)
    treetop (1.4.10)
      polyglot
      polyglot (>= 0.3.1)

PLATFORMS
  ruby

DEPENDENCIES
  bundler
  chunky_png (~> 1.2.5)
  compass (~> 0.11.5)
  dm-postgres-adapter (= 1.2.0)
  ffi (~> 1.0.9)
  fssm (~> 0.2.7)
  grid-coordinates (~> 1.1.4)
  haml (~> 3.1.1)
  highline (~> 1.6.2)
  meyer-reset
  pg (= 0.10.0)
  pony
  railsless-deploy
  rb-inotify
  sass (~> 3.1.1)
  shotgun (~> 0.9)
  sinatra (~> 1.2.3)
  thin (= 1.2.7)
  tilt
